GEM
  remote: https://rubygems.org/
  specs:
    activemodel (6.1.6.1)
      activesupport (= 6.1.6.1)
    activerecord (6.1.6.1)
      activemodel (= 6.1.6.1)
      activesupport (= 6.1.6.1)
    activesupport (6.1.6.1)
      concurrent-ruby (~> 1.0, >= 1.0.2)
      i18n (>= 1.6, < 2)
      minitest (>= 5.1)
      tzinfo (~> 2.0)
      zeitwerk (~> 2.3)
    concurrent-ruby (1.1.10)
    i18n (1.12.0)
      concurrent-ruby (~> 1.0)
    minitest (5.16.3)
    mustermann (1.1.1)
      ruby2_keywords (~> 0.0.1)
    nio4r (2.5.8)
    prometheus-client (4.0.0)
    puma (5.6.5)
      nio4r (~> 2.0)
    puma-metrics (1.2.5)
      prometheus-client (>= 0.10)
      puma (>= 5.0)
    rack (2.2.4)
    rack-protection (2.2.0)
      rack
    rake (13.0.6)
    ruby2_keywords (0.0.5)
    sinatra (2.2.0)
      mustermann (~> 1.0)
      rack (~> 2.2)
      rack-protection (= 2.2.0)
      tilt (~> 2.0)
    sinatra-activerecord (2.0.25)
      activerecord (>= 4.1)
      sinatra (>= 1.0)
    sqlite3 (1.4.4)
    tilt (2.0.10)
    tzinfo (2.0.5)
      concurrent-ruby (~> 1.0)
    zeitwerk (2.6.0)

PLATFORMS
  x86_64-darwin-20

DEPENDENCIES
  activerecord
  puma
  puma-metrics
  rake
  sinatra
  sinatra-activerecord
  sqlite3

BUNDLED WITH
   2.2.29
